GEM
  remote: http://rubygems.org/
  specs:
    abstract (1.0.0)
    actionmailer (3.0.20)
      actionpack (= 3.0.20)
      mail (~> 2.2.19)
    actionpack (3.0.20)
      activemodel (= 3.0.20)
      activesupport (= 3.0.20)
      builder (~> 2.1.2)
      erubis (~> 2.6.6)
      i18n (~> 0.5.0)
      rack (~> 1.2.5)
      rack-mount (~> 0.6.14)
      rack-test (~> 0.5.7)
      tzinfo (~> 0.3.23)
    activemodel (3.0.20)
      activesupport (= 3.0.20)
      builder (~> 2.1.2)
      i18n (~> 0.5.0)
    activerecord (3.0.20)
      activemodel (= 3.0.20)
      activesupport (= 3.0.20)
      arel (~> 2.0.10)
      tzinfo (~> 0.3.23)
    activeresource (3.0.20)
      activemodel (= 3.0.20)
      activesupport (= 3.0.20)
    activesupport (3.0.20)
    aegis (2.5.3)
    arel (2.0.10)
    aws-sdk (1.17.0)
      json (~> 1.4)
      nokogiri (< 1.6.0)
      uuidtools (~> 2.1)
    bcrypt-ruby (2.1.2)
    bing_translator (3.0.0)
      json (~> 1.7.3)
      nokogiri (~> 1.5.0)
    builder (2.1.2)
    cocaine (0.3.2)
    curb (0.7.18)
    daemons (1.1.9)
    delayed_job (4.0.0)
      activesupport (>= 3.0, < 4.1)
    delayed_job_active_record (4.0.0)
      activerecord (>= 3.0, < 4.1)
      delayed_job (>= 3.0, < 4.1)
    devise (1.1.9)
      bcrypt-ruby (~> 2.1.2)
      warden (~> 1.0.2)
    dropbox-sdk (1.6.1)
      json
    erubis (2.6.6)
      abstract (>= 1.0.0)
    eventmachine (1.0.3)
    faraday (0.8.8)
      multipart-post (~> 1.2.0)
    faraday_middleware (0.9.0)
      faraday (>= 0.7.4, < 0.9)
    fastercsv (1.5.5)
    feedzirra (0.1.2)
      activesupport (~> 3.0.8)
      builder (>= 2.1.2)
      curb (~> 0.7.15)
      i18n (>= 0.5.0)
      loofah (~> 1.2.0)
      nokogiri (>= 1.4.4)
      rake (>= 0.8.7)
      rdoc (~> 3.8)
      sax-machine (~> 0.1.0)
    formtastic (2.0.2)
      rails (~> 3.0)
    globalize3 (0.1.0)
      activemodel (>= 3.0.0)
      activerecord (>= 3.0.0)
    hpricot (0.8.6)
    http_accept_language (1.0.2)
    i18n (0.5.0)
    i18n-js (2.1.2)
      i18n
    json (1.7.7)
    localized_country_select (0.9.3)
      actionpack (>= 3.0)
      hpricot
    loofah (1.2.1)
      nokogiri (>= 1.4.4)
    mail (2.2.20)
      activesupport (>= 2.3.6)
      i18n (>= 0.4.0)
      mime-types (~> 1.16)
      treetop (~> 1.4.8)
    mime-types (1.16)
    multipart-post (1.2.0)
    mysql2 (0.2.20)
    nokogiri (1.5.10)
    oai (0.3.0)
      builder (>= 2.0.0)
      faraday
      faraday_middleware
    paperclip (2.7.5)
      activerecord (>= 2.3.0)
      activesupport (>= 2.3.2)
      cocaine (~> 0.3.0)
      mime-types
    polyglot (0.3.3)
    rack (1.2.8)
    rack-mount (0.6.14)
      rack (>= 1.0.0)
    rack-test (0.5.7)
      rack (>= 1.0)
    rails (3.0.20)
      actionmailer (= 3.0.20)
      actionpack (= 3.0.20)
      activerecord (= 3.0.20)
      activeresource (= 3.0.20)
      activesupport (= 3.0.20)
      bundler (~> 1.0)
      railties (= 3.0.20)
    railties (3.0.20)
      actionpack (= 3.0.20)
      activesupport (= 3.0.20)
      rake (>= 0.8.7)
      rdoc (~> 3.4)
      thor (~> 0.14.4)
    rake (10.1.0)
    rdoc (3.12.2)
      json (~> 1.4)
    riddle (1.5.8)
    sax-machine (0.1.0)
      nokogiri (> 0.0.0)
    sitemap_generator (4.1.1)
      builder
    smurf (1.0.8)
    themes_for_rails (0.4.3)
      rails (>= 3.0.0)
    thin (1.5.1)
      daemons (>= 1.0.9)
      eventmachine (>= 0.12.6)
      rack (>= 1.0.0)
    thinking-sphinx (2.0.14)
      activerecord (>= 3.0.3)
      builder (>= 2.1.2)
      riddle (>= 1.5.3)
    thor (0.14.6)
    treetop (1.4.15)
      polyglot
      polyglot (>= 0.3.1)
    tzinfo (0.3.37)
    uuidtools (2.1.4)
    warden (1.0.6)
      rack (>= 1.0)
    will_paginate (3.0.4)

PLATFORMS
  ruby

DEPENDENCIES
  aegis (~> 2.5.0)
  aws-sdk (~> 1.17.0)
  bcrypt-ruby (= 2.1.2)
  bing_translator (~> 3.0.0)
  cocaine (~> 0.3.2)
  delayed_job_active_record (~> 4.0.0)
  devise (~> 1.1.0)
  dropbox-sdk (~> 1.3)
  fastercsv (~> 1.5.0)
  feedzirra (~> 0.1.0)
  formtastic (~> 2.0.0)
  globalize3 (~> 0.1.0)
  hpricot (~> 0.8.0)
  http_accept_language (~> 1.0.0)
  i18n-js (~> 2.1.0)
  localized_country_select (~> 0.9.2)
  mime-types (= 1.16)
  mysql2 (~> 0.2.0)
  oai (~> 0.3.0)
  paperclip (~> 2.7.5)
  rails (= 3.0.20)
  sax-machine (~> 0.1.0)
  sitemap_generator (~> 4.1.1)
  smurf (~> 1.0.0)
  themes_for_rails (~> 0.4.0)
  thin
  thinking-sphinx (~> 2.0.0)
  will_paginate (~> 3.0.0)
