GIT
  remote: git://github.com/rfc2822/spawn
  revision: bc2c1aacd9f7f2427bf6ef96a5fe5936acf6bcdc
  specs:
    spawn (1.0.1)

PATH
  remote: vendor/gems/paperclip-2.3.16
  specs:
    paperclip (2.3.16)
      activerecord (>= 2.3.0)
      activesupport (>= 2.3.2)
      cocaine (>= 0.0.2)
      mime-types

GEM
  remote: http://rubygems.org/
  specs:
    abstract (1.0.0)
    actionmailer (3.0.12)
      actionpack (= 3.0.12)
      mail (~> 2.2.19)
    actionpack (3.0.12)
      activemodel (= 3.0.12)
      activesupport (= 3.0.12)
      builder (~> 2.1.2)
      erubis (~> 2.6.6)
      i18n (~> 0.5.0)
      rack (~> 1.2.5)
      rack-mount (~> 0.6.14)
      rack-test (~> 0.5.7)
      tzinfo (~> 0.3.23)
    activemodel (3.0.12)
      activesupport (= 3.0.12)
      builder (~> 2.1.2)
      i18n (~> 0.5.0)
    activerecord (3.0.12)
      activemodel (= 3.0.12)
      activesupport (= 3.0.12)
      arel (~> 2.0.10)
      tzinfo (~> 0.3.23)
    activeresource (3.0.12)
      activemodel (= 3.0.12)
      activesupport (= 3.0.12)
    activesupport (3.0.12)
    aegis (2.5.3)
    arel (2.0.10)
    bcrypt-ruby (2.1.2)
    builder (2.1.2)
    cocaine (0.2.1)
    curb (0.7.18)
    daemons (1.1.8)
    devise (1.1.9)
      bcrypt-ruby (~> 2.1.2)
      warden (~> 1.0.2)
    dropbox-sdk (1.3)
      json
    erubis (2.6.6)
      abstract (>= 1.0.0)
    eventmachine (0.12.10)
    fastercsv (1.5.4)
    feedzirra (0.1.2)
      activesupport (~> 3.0.8)
      builder (>= 2.1.2)
      curb (~> 0.7.15)
      i18n (>= 0.5.0)
      loofah (~> 1.2.0)
      nokogiri (>= 1.4.4)
      rake (>= 0.8.7)
      rdoc (~> 3.8)
      sax-machine (~> 0.1.0)
    formtastic (2.0.2)
      rails (~> 3.0)
    globalize3 (0.1.0)
      activemodel (>= 3.0.0)
      activerecord (>= 3.0.0)
    hpricot (0.8.6)
    http_accept_language (1.0.2)
    i18n (0.5.0)
    i18n-js (2.1.2)
      i18n
    json (1.6.6)
    loofah (1.2.1)
      nokogiri (>= 1.4.4)
    mail (2.2.19)
      activesupport (>= 2.3.6)
      i18n (>= 0.4.0)
      mime-types (~> 1.16)
      treetop (~> 1.4.8)
    mime-types (1.16)
    mysql2 (0.2.18)
    nokogiri (1.5.2)
    polyglot (0.3.3)
    rack (1.2.5)
    rack-mount (0.6.14)
      rack (>= 1.0.0)
    rack-test (0.5.7)
      rack (>= 1.0)
    rails (3.0.12)
      actionmailer (= 3.0.12)
      actionpack (= 3.0.12)
      activerecord (= 3.0.12)
      activeresource (= 3.0.12)
      activesupport (= 3.0.12)
      bundler (~> 1.0)
      railties (= 3.0.12)
    railties (3.0.12)
      actionpack (= 3.0.12)
      activesupport (= 3.0.12)
      rake (>= 0.8.7)
      rdoc (~> 3.4)
      thor (~> 0.14.4)
    rake (0.9.2.2)
    rdoc (3.12)
      json (~> 1.4)
    riddle (1.5.1)
    sax-machine (0.1.0)
      nokogiri (> 0.0.0)
    smurf (1.0.8)
    themes_for_rails (0.4.3)
      rails (>= 3.0.0)
    thin (1.3.1)
      daemons (>= 1.0.9)
      eventmachine (>= 0.12.6)
      rack (>= 1.0.0)
    thinking-sphinx (2.0.11)
      activerecord (>= 3.0.3)
      builder (>= 2.1.2)
      riddle (>= 1.5.0)
    thor (0.14.6)
    treetop (1.4.10)
      polyglot
      polyglot (>= 0.3.1)
    tzinfo (0.3.33)
    warden (1.0.6)
      rack (>= 1.0)
    will_paginate (3.0.3)

PLATFORMS
  ruby

DEPENDENCIES
  aegis (~> 2.5.0)
  bcrypt-ruby (= 2.1.2)
  devise (~> 1.1.0)
  dropbox-sdk (~> 1.3)
  fastercsv (~> 1.5.0)
  feedzirra (~> 0.1.0)
  formtastic (~> 2.0.0)
  globalize3 (~> 0.1.0)
  hpricot (~> 0.8.0)
  http_accept_language (~> 1.0.0)
  i18n-js (~> 2.1.0)
  mime-types (= 1.16)
  mysql2 (~> 0.2.0)
  paperclip (~> 2.3.0)!
  rails (= 3.0.12)
  sax-machine (~> 0.1.0)
  smurf (~> 1.0.0)
  spawn (~> 1.0.1)!
  themes_for_rails (~> 0.4.0)
  thin
  thinking-sphinx (~> 2.0.0)
  will_paginate (~> 3.0.0)
